REDIRECTS: FORCE
RESTRICTION: == net40
NUGET
  remote: https://www.nuget.org/api/v2
    FSharp.Core (3.1.2)

GROUP Build
RESTRICTION: == net461
NUGET
  remote: https://www.nuget.org/api/v2
    FAKE (4.63.2)
    FSharp.Compiler.Service (2.0.0.6)
    FSharp.Formatting (2.14.4)
      FSharp.Compiler.Service (2.0.0.6)
      FSharpVSPowerTools.Core (>= 2.3 < 2.4)
    FSharpVSPowerTools.Core (2.3)
      FSharp.Compiler.Service (>= 2.0.0.3)
    NuGet.CommandLine (4.4.1)
    Octokit (0.28)
    SourceLink.Fake (1.1)
GITHUB
  remote: fsharp/FAKE
    modules/Octokit/Octokit.fsx (0341a2e614eb2a7f34607cec914eb0ed83ce9add)
      Octokit (>= 0.20)
GROUP Testing
REDIRECTS: FORCE
RESTRICTION: == net461
NUGET
  remote: https://www.nuget.org/api/v2
    FsCheck (3.0.0-alpha2)
      FSharp.Core (>= 4.1)
    FSharp.Core (4.2.3)
    Unquote (4.0)
    xunit (2.3.1)
      xunit.analyzers (>= 0.7)
      xunit.assert (2.3.1)
      xunit.core (2.3.1)
    xunit.abstractions (2.0.1)
    xunit.analyzers (0.8)
    xunit.assert (2.3.1)
    xunit.core (2.3.1)
      xunit.extensibility.core (2.3.1)
      xunit.extensibility.execution (2.3.1)
    xunit.extensibility.core (2.3.1)
      xunit.abstractions (>= 2.0.1)
    xunit.extensibility.execution (2.3.1)
      xunit.extensibility.core (2.3.1)
    xunit.runner.console (2.3.1)
    xunit.runner.visualstudio (2.3.1) - version_in_path: true
